GEM
  remote: http://rubygems.org/
  specs:
    activesupport (3.2.11)
      i18n (~> 0.6)
      multi_json (~> 1.0)
    addressable (2.3.2)
    httparty (0.10.2)
      multi_json (~> 1.0)
      multi_xml (>= 0.5.2)
    i18n (0.6.1)
    lastfm (1.15.1)
      activesupport (>= 3.0.3)
      httparty
      xml-simple
    launchy (2.1.2)
      addressable (~> 2.3)
    multi_json (1.5.0)
    multi_xml (0.5.2)
    xml-simple (1.1.2)

PLATFORMS
  ruby

DEPENDENCIES
  lastfm
  launchy
